PATH
  remote: .
  specs:
    podcast_api (1.1.4)
      httparty (~> 0.20.0)

GEM
  remote: https://rubygems.org/
  specs:
    httparty (0.20.0)
      mime-types (~> 3.0)
      multi_xml (>= 0.5.2)
    mime-types (3.4.1)
      mime-types-data (~> 3.2015)
    mime-types-data (3.2022.0105)
    mocha (1.12.0)
    multi_xml (0.6.0)
    power_assert (2.0.0)
    rake (13.0.3)
    test-unit (3.4.1)
      power_assert

PLATFORMS
  ruby

DEPENDENCIES
  bundler
  mocha
  podcast_api!
  rake
  test-unit

BUNDLED WITH
   1.17.2
