PATH
  remote: ..
  specs:
    podcast_api (1.0.1)
      httparty

GEM
  remote: https://rubygems.org/
  specs:
    httparty (0.18.1)
      mime-types (~> 3.0)
      multi_xml (>= 0.5.2)
    mime-types (3.3.1)
      mime-types-data (~> 3.2015)
    mime-types-data (3.2021.0225)
    multi_xml (0.6.0)

PLATFORMS
  ruby

DEPENDENCIES
  podcast_api!

BUNDLED WITH
   1.17.2
