PATH
  remote: ..
  specs:
    podcast_api (1.1.5)
      httparty (~> 0.20.0)

GEM
  remote: https://rubygems.org/
  specs:
    httparty (0.20.0)
      mime-types (~> 3.0)
      multi_xml (>= 0.5.2)
    mime-types (3.4.1)
      mime-types-data (~> 3.2015)
    mime-types-data (3.2023.0218.1)
    multi_xml (0.6.0)

PLATFORMS
  ruby

DEPENDENCIES
  podcast_api!

BUNDLED WITH
   1.17.2
